GEM
  remote: https://rubygems.org/
  specs:
    rack (1.6.8)
    rack-protection (1.5.3)
      rack
    rubysl-base64 (2.0.0)
    sinatra (1.4.8)
      rack (~> 1.5)
      rack-protection (~> 1.4)
      tilt (>= 1.3, < 3)
    tilt (2.0.7)

PLATFORMS
  x64-mingw32
  x86-mingw32

DEPENDENCIES
  rubysl-base64 (~> 2.0)
  sinatra (~> 1.4.0)

RUBY VERSION
   ruby 2.3.3p222

BUNDLED WITH
   1.16.1
